PATH
  remote: .
  specs:
    smooth_queue (0.0.1)
      connection_pool (~> 2.2, >= 2.2.1)
      redis (~> 4.0, >= 4.0.1)
      redis-namespace (~> 1.6.0)

GEM
  remote: https://rubygems.org/
  specs:
    ast (2.3.0)
    byebug (9.1.0)
    coderay (1.1.2)
    connection_pool (2.2.1)
    method_source (0.9.0)
    parallel (1.12.0)
    parser (2.4.0.0)
      ast (~> 2.2)
    powerpack (0.1.1)
    pry (0.11.2)
      coderay (~> 1.1.0)
      method_source (~> 0.9.0)
    pry-byebug (3.5.0)
      byebug (~> 9.1)
      pry (~> 0.10)
    rainbow (2.2.2)
      rake
    rake (12.2.1)
    redis (4.0.1)
    redis-namespace (1.6.0)
      redis (>= 3.0.4)
    rubocop (0.50.0)
      parallel (~> 1.10)
      parser (>= 2.3.3.1, < 3.0)
      powerpack (~> 0.1)
      rainbow (>= 2.2.2, < 3.0)
      ruby-progressbar (~> 1.7)
      unicode-display_width (~> 1.0, >= 1.0.1)
    ruby-progressbar (1.8.3)
    unicode-display_width (1.3.0)

PLATFORMS
  ruby

DEPENDENCIES
  bundler
  pry-byebug
  rake
  rubocop
  smooth_queue!

BUNDLED WITH
   1.13.6
