PATH
  remote: .
  specs:
    smooth_queue (0.0.1)
      connection_pool (~> 2.2, >= 2.2.1)
      redis (~> 4.0, >= 4.0.1)
      redis-namespace (~> 1.6.0)

GEM
  remote: https://rubygems.org/
  specs:
    byebug (9.1.0)
    coderay (1.1.2)
    connection_pool (2.2.1)
    method_source (0.9.0)
    pry (0.11.2)
      coderay (~> 1.1.0)
      method_source (~> 0.9.0)
    pry-byebug (3.5.0)
      byebug (~> 9.1)
      pry (~> 0.10)
    rake (12.2.1)
    redis (4.0.1)
    redis-namespace (1.6.0)
      redis (>= 3.0.4)

PLATFORMS
  ruby

DEPENDENCIES
  bundler
  pry-byebug
  rake
  smooth_queue!

BUNDLED WITH
   1.13.6
